GEM
  remote: https://rubygems.org/
  specs:
    timezone (1.2.12)

PLATFORMS
  ruby

DEPENDENCIES
  timezone

BUNDLED WITH
   1.16.1
