GEM
  remote: https://rubygems.org/
  specs:
    terminal-table (1.8.0)
      unicode-display_width (~> 1.1, >= 1.1.1)
    timezone (1.2.12)
    unicode-display_width (1.4.0)

PLATFORMS
  ruby

DEPENDENCIES
  terminal-table
  timezone

BUNDLED WITH
   1.16.1
